PATH
  remote: .
  specs:
    scholar (0.2.0ab)
      activesupport (~> 4.0.1)

GEM
  remote: https://rubygems.org/
  specs:
    activesupport (4.0.1)
      i18n (~> 0.6, >= 0.6.4)
      minitest (~> 4.2)
      multi_json (~> 1.3)
      thread_safe (~> 0.1)
      tzinfo (~> 0.3.37)
    ast (1.1.0)
    atomic (1.1.14)
    coderay (1.0.9)
    diff-lcs (1.2.4)
    factory_girl (4.3.0)
      activesupport (>= 3.0.0)
    i18n (0.6.5)
    log_buddy (0.7.0)
    method_source (0.8.2)
    minitest (4.7.5)
    multi_json (1.8.2)
    parser (2.0.0)
      ast (~> 1.1)
      slop (~> 3.4, >= 3.4.5)
    powerpack (0.0.9)
    pry (0.9.12.2)
      coderay (~> 1.0.5)
      method_source (~> 0.8)
      slop (~> 3.4)
    rainbow (1.1.4)
    rake (10.1.0)
    rspec (2.14.1)
      rspec-core (~> 2.14.0)
      rspec-expectations (~> 2.14.0)
      rspec-mocks (~> 2.14.0)
    rspec-core (2.14.7)
    rspec-expectations (2.14.3)
      diff-lcs (>= 1.1.3, < 2.0)
    rspec-mocks (2.14.4)
    rubocop (0.14.1)
      parser (~> 2.0)
      powerpack (~> 0.0.6)
      rainbow (>= 1.1.4)
    slop (3.4.6)
    thread_safe (0.1.3)
      atomic
    tzinfo (0.3.38)

PLATFORMS
  ruby

DEPENDENCIES
  factory_girl
  log_buddy
  pry
  rake
  rspec
  rubocop
  scholar!
