PATH
  remote: .
  specs:
    scholar (0.1.0)
      activesupport (~> 3.2.11)
      faraday (~> 0.8.7)
      faraday_middleware (~> 0.9.0)

GEM
  remote: https://rubygems.org/
  specs:
    activesupport (3.2.11)
      i18n (~> 0.6)
      multi_json (~> 1.0)
    addressable (2.3.3)
    cane (2.5.0)
      parallel
    coderay (1.0.8)
    crack (0.3.2)
    diff-lcs (1.1.3)
    factory_girl (4.2.0)
      activesupport (>= 3.0.0)
    faraday (0.8.7)
      multipart-post (~> 1.1)
    faraday_middleware (0.9.0)
      faraday (>= 0.7.4, < 0.9)
    ffi (1.6.0-java)
    fuubar (1.1.0)
      rspec (~> 2.0)
      rspec-instafail (~> 0.2.0)
      ruby-progressbar (~> 1.0.0)
    i18n (0.6.1)
    log_buddy (0.7.0)
    method_source (0.8.1)
    multi_json (1.5.0)
    multipart-post (1.2.0)
    parallel (0.6.1)
    pry (0.9.11.4)
      coderay (~> 1.0.5)
      method_source (~> 0.8)
      slop (~> 3.4)
    pry (0.9.11.4-java)
      coderay (~> 1.0.5)
      method_source (~> 0.8)
      slop (~> 3.4)
      spoon (~> 0.0)
    rake (10.0.3)
    rspec (2.12.0)
      rspec-core (~> 2.12.0)
      rspec-expectations (~> 2.12.0)
      rspec-mocks (~> 2.12.0)
    rspec-core (2.12.2)
    rspec-expectations (2.12.1)
      diff-lcs (~> 1.1.3)
    rspec-instafail (0.2.4)
    rspec-mocks (2.12.2)
    ruby-progressbar (1.0.2)
    slop (3.4.3)
    spoon (0.0.3)
      ffi
    spork (0.9.2)
    vcr (2.4.0)
    webmock (1.8.11)
      addressable (>= 2.2.7)
      crack (>= 0.1.7)

PLATFORMS
  java
  ruby

DEPENDENCIES
  cane
  factory_girl (~> 4.2.0)
  fuubar (~> 1.1.0)
  log_buddy (~> 0.7.0)
  pry (~> 0.9.11)
  rake (~> 10.0)
  rspec (~> 2.12.0)
  scholar!
  spork (~> 0.9.2)
  vcr (~> 2.4.0)
  webmock (~> 1.8.0)
